GEM
  remote: https://rubygems.org/
  specs:
    builder (3.2.3)
    erubis (2.7.0)
    ffi (1.9.17)
    figaro (1.1.1)
      thor (~> 0.14)
    gssapi (1.2.0)
      ffi (>= 1.0.1)
    gyoku (1.3.1)
      builder (>= 2.1.2)
    httpclient (2.8.3)
    little-plugger (1.1.4)
    logging (2.1.0)
      little-plugger (~> 1.1)
      multi_json (~> 1.10)
    multi_json (1.12.1)
    nori (2.6.0)
    rubyntlm (0.6.1)
    thor (0.19.1)
    winrm (2.1.2)
      builder (>= 2.1.2)
      erubis (~> 2.7)
      gssapi (~> 1.2)
      gyoku (~> 1.0)
      httpclient (~> 2.2, >= 2.2.0.2)
      logging (>= 1.6.1, < 3.0)
      nori (~> 2.0)
      rubyntlm (~> 0.6.0, >= 0.6.1)

PLATFORMS
  ruby

DEPENDENCIES
  figaro
  winrm

BUNDLED WITH
   1.12.5
